PATH
  remote: .
  specs:
    hiera-psql (0.2.1)
      hiera (~> 1.3)
      json (~> 1.8)
      pg (~> 0.17)

GEM
  remote: https://rubygems.org/
  specs:
    coderay (1.1.0)
    diff-lcs (1.2.5)
    hiera (1.3.4)
      json_pure
    json (1.8.1)
    json_pure (1.8.1)
    method_source (0.8.2)
    pg (0.17.1)
    pry (0.10.1)
      coderay (~> 1.1.0)
      method_source (~> 0.8.1)
      slop (~> 3.4)
    rake (10.3.2)
    rspec (3.1.0)
      rspec-core (~> 3.1.0)
      rspec-expectations (~> 3.1.0)
      rspec-mocks (~> 3.1.0)
    rspec-core (3.1.7)
      rspec-support (~> 3.1.0)
    rspec-expectations (3.1.2)
      diff-lcs (>= 1.2.0, < 2.0)
      rspec-support (~> 3.1.0)
    rspec-mocks (3.1.3)
      rspec-support (~> 3.1.0)
    rspec-support (3.1.2)
    slop (3.6.0)

PLATFORMS
  ruby

DEPENDENCIES
  hiera-psql!
  pry (~> 0.10)
  rake (~> 10.3)
  rspec (~> 3.0)
